GEM
  specs:
    ast (2.4.2)
    jaro_winkler (1.5.4)
    parallel (1.20.1)
    parser (3.0.0.0)
      ast (~> 2.4.1)
    rainbow (3.0.0)
    rexml (3.2.4)
    rubocop (0.82.0)
      jaro_winkler (~> 1.5.1)
      parallel (~> 1.10)
      parser (>= 2.7.0.1)
      rainbow (>= 2.2.2, < 4.0)
      rexml
      ruby-progressbar (~> 1.7)
      unicode-display_width (>= 1.4.0, < 2.0)
    rubocop-performance (1.5.2)
      rubocop (>= 0.71.0)
    ruby-progressbar (1.11.0)
    standard (0.4.1)
      rubocop (~> 0.82.0)
      rubocop-performance (~> 1.5.2)
    unicode-display_width (1.7.0)

PLATFORMS
  ruby

DEPENDENCIES
  standard

BUNDLED WITH
   2.2.15
